GEM
  specs:

PLATFORMS
  arm64-darwin-21
  ruby

DEPENDENCIES

BUNDLED WITH
   2.6.5
